GEM
  remote: https://rubygems.org/
  specs:
    addressable (2.3.8)
    dotenv (2.7.5)
    faraday (1.0.1)
      multipart-post (>= 1.2, < 3)
    json (1.8.6)
    jwt (2.2.1)
    mime-types (1.25.1)
    mini_portile2 (2.4.0)
    multipart-post (2.1.1)
    nokogiri (1.10.9)
      mini_portile2 (~> 2.4.0)
    rest-client (1.6.14)
      mime-types (~> 1.16)
    twilio-ruby (5.35.0)
      faraday (>= 0.9, < 2.0)
      jwt (>= 1.5, <= 2.5)
      nokogiri (>= 1.6, < 2.0)
    unirest (1.1.2)
      addressable (~> 2.3.5)
      json (~> 1.8.1)
      rest-client (~> 1.6.7)

PLATFORMS
  ruby

DEPENDENCIES
  dotenv
  twilio-ruby
  unirest

BUNDLED WITH
   2.0.2
